GEM
  remote: https://rubygems.org/
  specs:
    activesupport (7.0.8)
      concurrent-ruby (~> 1.0, >= 1.0.2)
      i18n (>= 1.6, < 2)
      minitest (>= 5.1)
      tzinfo (~> 2.0)
    addressable (2.8.5)
      public_suffix (>= 2.0.2, < 6.0)
    base64 (0.1.1)
    concurrent-ruby (1.2.2)
    debug (1.8.0)
      irb (>= 1.5.0)
      reline (>= 0.3.1)
    diff-lcs (1.5.0)
    dotenv (2.8.1)
    excon (0.103.0)
    factory_bot (6.3.0)
      activesupport (>= 5.0.0)
    faraday (2.7.11)
      base64
      faraday-net_http (>= 2.0, < 3.1)
      ruby2_keywords (>= 0.0.4)
    faraday-multipart (1.0.4)
      multipart-post (~> 2)
    faraday-net_http (3.0.2)
    faraday-retry (2.2.0)
      faraday (~> 2.0)
    i18n (1.14.1)
      concurrent-ruby (~> 1.0)
    interactor (3.1.2)
    io-console (0.6.0)
    irb (1.8.1)
      rdoc
      reline (>= 0.3.8)
    metaractor (3.3.4)
      i18n (~> 1.8)
      interactor (~> 3.1)
      metaractor-sycamore (~> 0.4, >= 0.4.3)
    metaractor-sycamore (0.4.3)
    minitest (5.20.0)
    multipart-post (2.3.0)
    octokit (7.1.0)
      faraday (>= 1, < 3)
      sawyer (~> 0.9)
    psych (5.1.0)
      stringio
    public_suffix (5.0.3)
    rdoc (6.5.0)
      psych (>= 4.0.0)
    reline (0.3.8)
      io-console (~> 0.5)
    rspec (3.12.0)
      rspec-core (~> 3.12.0)
      rspec-expectations (~> 3.12.0)
      rspec-mocks (~> 3.12.0)
    rspec-core (3.12.2)
      rspec-support (~> 3.12.0)
    rspec-expectations (3.12.3)
      diff-lcs (>= 1.2.0, < 2.0)
      rspec-support (~> 3.12.0)
    rspec-mocks (3.12.6)
      diff-lcs (>= 1.2.0, < 2.0)
      rspec-support (~> 3.12.0)
    rspec-support (3.12.1)
    ruby2_keywords (0.0.5)
    sawyer (0.9.2)
      addressable (>= 2.3.5)
      faraday (>= 0.17.3, < 3)
    stringio (3.0.8)
    thor (1.2.2)
    tzinfo (2.0.6)
      concurrent-ruby (~> 1.0)

PLATFORMS
  aarch64-linux
  arm64-darwin-21
  arm64-darwin-22
  x86_64-linux

DEPENDENCIES
  debug (~> 1.8)
  dotenv (~> 2.8.1)
  excon (~> 0.103)
  factory_bot (~> 6.3)
  faraday-multipart
  faraday-retry
  metaractor (~> 3.3)
  octokit (~> 7.1)
  rspec (~> 3.12)
  thor (~> 1.2)

BUNDLED WITH
   2.4.20
