GEM
  remote: https://rubygems.org/
  specs:
    addressable (2.8.5)
      public_suffix (>= 2.0.2, < 6.0)
    base64 (0.1.1)
    concurrent-ruby (1.2.2)
    faraday (2.7.11)
      base64
      faraday-net_http (>= 2.0, < 3.1)
      ruby2_keywords (>= 0.0.4)
    faraday-multipart (1.0.4)
      multipart-post (~> 2)
    faraday-net_http (3.0.2)
    faraday-retry (2.2.0)
      faraday (~> 2.0)
    i18n (1.14.1)
      concurrent-ruby (~> 1.0)
    interactor (3.1.2)
    metaractor (3.3.4)
      i18n (~> 1.8)
      interactor (~> 3.1)
      metaractor-sycamore (~> 0.4, >= 0.4.3)
    metaractor-sycamore (0.4.3)
    multipart-post (2.3.0)
    octokit (7.1.0)
      faraday (>= 1, < 3)
      sawyer (~> 0.9)
    public_suffix (5.0.3)
    ruby2_keywords (0.0.5)
    sawyer (0.9.2)
      addressable (>= 2.3.5)
      faraday (>= 0.17.3, < 3)
    thor (1.2.2)

PLATFORMS
  aarch64-linux
  arm64-darwin-21
  x86_64-linux

DEPENDENCIES
  faraday-multipart
  faraday-retry
  metaractor (~> 3.3)
  octokit (~> 7.1)
  thor (~> 1.2)

BUNDLED WITH
   2.4.20
